GEM
  remote: http://rubygems.org/
  specs:
    ADB (0.5.5)
      childprocess (>= 0.3.5)
    brazenhead (0.4.5)
      childprocess (>= 0.3.5)
    builder (3.2.0)
    childprocess (0.3.9)
      ffi (~> 1.0, >= 1.0.11)
    cucumber (1.2.3)
      builder (>= 2.1.2)
      diff-lcs (>= 1.1.3)
      gherkin (~> 2.11.6)
      multi_json (~> 1.3)
    diff-lcs (1.2.1)
    ffi (1.4.0)
    gametel (0.5.4)
      ADB (>= 0.5.4)
      brazenhead (>= 0.4.5)
    gherkin (2.11.6)
      json (>= 1.7.6)
    json (1.7.7)
    multi_json (1.6.1)
    rake (10.0.3)
    require_all (1.2.1)
    rspec (2.13.0)
      rspec-core (~> 2.13.0)
      rspec-expectations (~> 2.13.0)
      rspec-mocks (~> 2.13.0)
    rspec-core (2.13.1)
    rspec-expectations (2.13.0)
      diff-lcs (>= 1.1.3, < 2.0)
    rspec-mocks (2.13.0)

PLATFORMS
  ruby

DEPENDENCIES
  cucumber
  gametel
  rake
  require_all
  rspec
