GEM
  remote: http://rubygems.org/
  specs:
    ADB (0.5.4)
      childprocess (>= 0.3.5)
    brazenhead (0.4.3)
      childprocess (>= 0.3.5)
    builder (3.0.0)
    childprocess (0.3.5)
      ffi (~> 1.0, >= 1.0.6)
    cucumber (1.2.1)
      builder (>= 2.1.2)
      diff-lcs (>= 1.1.3)
      gherkin (~> 2.11.0)
      json (>= 1.4.6)
    diff-lcs (1.1.3)
    ffi (1.1.5)
    gametel (0.5.1)
      ADB (>= 0.5.4)
      brazenhead (>= 0.4.1)
    gherkin (2.11.1)
      json (>= 1.4.6)
    json (1.7.4)
    rake (0.9.2.2)
    require_all (1.2.1)
    rspec (2.11.0)
      rspec-core (~> 2.11.0)
      rspec-expectations (~> 2.11.0)
      rspec-mocks (~> 2.11.0)
    rspec-core (2.11.1)
    rspec-expectations (2.11.2)
      diff-lcs (~> 1.1.3)
    rspec-mocks (2.11.1)

PLATFORMS
  ruby

DEPENDENCIES
  cucumber
  gametel
  rake
  require_all
  rspec
